GIT
  remote: git://github.com/josevalim/active_model_serializers.git
  revision: 9f5e1b1776b67e2a601b0205fbba705a0cde55e6
  specs:
    active_model_serializers (0.5.2)
      activemodel (>= 3.0)

GIT
  remote: git://github.com/rails/etagger.git
  revision: d7b62c2fb1de5cc9f7e398cc9e6c05dee6da2d84
  specs:
    etagger (1.0.0)
      actionpack (>= 3.2)
      activesupport (>= 3.2)

GIT
  remote: git://github.com/rails/strong_parameters.git
  revision: c80b1128262dc5ff72cd07fca9c5578220522e5a
  specs:
    strong_parameters (0.1.6.dev)
      actionpack (~> 3.1)
      activemodel (~> 3.1)
      railties (~> 3.1)

GEM
  remote: https://rubygems.org/
  specs:
    actionpack (3.2.9)
      activemodel (= 3.2.9)
      activesupport (= 3.2.9)
      builder (~> 3.0.0)
      erubis (~> 2.7.0)
      journey (~> 1.0.4)
      rack (~> 1.4.0)
      rack-cache (~> 1.2)
      rack-test (~> 0.6.1)
      sprockets (~> 2.2.1)
    activemodel (3.2.9)
      activesupport (= 3.2.9)
      builder (~> 3.0.0)
    activerecord (3.2.9)
      activemodel (= 3.2.9)
      activesupport (= 3.2.9)
      arel (~> 3.0.2)
      tzinfo (~> 0.3.29)
    activesupport (3.2.9)
      i18n (~> 0.6)
      multi_json (~> 1.0)
    arel (3.0.2)
    builder (3.0.4)
    dalli (2.5.0)
    erubis (2.7.0)
    hike (1.2.1)
    i18n (0.6.1)
    journey (1.0.4)
    json (1.7.5)
    kdtree (0.3)
    multi_json (1.3.7)
    pg (0.14.1)
    rack (1.4.1)
    rack-cache (1.2)
      rack (>= 0.4)
    rack-ssl (1.3.2)
      rack
    rack-test (0.6.2)
      rack (>= 1.0)
    railties (3.2.9)
      actionpack (= 3.2.9)
      activesupport (= 3.2.9)
      rack-ssl (~> 1.3.2)
      rake (>= 0.8.7)
      rdoc (~> 3.4)
      thor (>= 0.14.6, < 2.0)
    rake (10.0.1)
    rdoc (3.12)
      json (~> 1.4)
    sprockets (2.2.1)
      hike (~> 1.2)
      multi_json (~> 1.0)
      rack (~> 1.0)
      tilt (~> 1.1, != 1.3.0)
    sqlite3 (1.3.6)
    thor (0.16.0)
    tilt (1.3.3)
    tzinfo (0.3.35)

PLATFORMS
  ruby

DEPENDENCIES
  actionpack (= 3.2.9)
  active_model_serializers!
  activerecord (= 3.2.9)
  dalli
  etagger!
  kdtree
  pg
  sqlite3
  strong_parameters!
